GEM
  remote: http://rubygems.org/
  specs:
    ansi (1.5.0)
    ast (2.4.0)
    backports (3.11.3)
    diff-lcs (1.3)
    faraday (0.14.0)
      multipart-post (>= 1.2, < 3)
    faraday_middleware (0.12.2)
      faraday (>= 0.7.4, < 1.0)
    multi_json (1.13.1)
    multipart-post (2.0.0)
    mustermann (1.0.2)
    oga (2.15)
      ast
      ruby-ll (~> 2.1)
    puma (3.11.4)
    rack (2.0.5)
    rack-protection (2.0.1)
      rack
    rack-test (1.0.0)
      rack (>= 1.0, < 3)
    rake (12.3.1)
    rspec (3.7.0)
      rspec-core (~> 3.7.0)
      rspec-expectations (~> 3.7.0)
      rspec-mocks (~> 3.7.0)
    rspec-core (3.7.1)
      rspec-support (~> 3.7.0)
    rspec-expectations (3.7.0)
      diff-lcs (>= 1.2.0, < 2.0)
      rspec-support (~> 3.7.0)
    rspec-mocks (3.7.0)
      diff-lcs (>= 1.2.0, < 2.0)
      rspec-support (~> 3.7.0)
    rspec-support (3.7.1)
    ruby-ll (2.1.2)
      ansi
      ast
    serrano (0.5.0)
      faraday (~> 0.14.0)
      faraday_middleware (~> 0.12.2)
      multi_json (~> 1.13, >= 1.13.1)
      thor (~> 0.20.0)
    sinatra (2.0.1)
      mustermann (~> 1.0)
      rack (~> 2.0)
      rack-protection (= 2.0.1)
      tilt (~> 2.0)
    sinatra-contrib (2.0.1)
      backports (>= 2.0)
      multi_json
      mustermann (~> 1.0)
      rack-protection (= 2.0.1)
      sinatra (= 2.0.1)
      tilt (>= 1.3, < 3)
    thor (0.20.0)
    tilt (2.0.8)

PLATFORMS
  ruby

DEPENDENCIES
  multi_json (~> 1.13, >= 1.13.1)
  oga (~> 2.15)
  puma (~> 3.11, >= 3.11.4)
  rack-test (~> 1.0)
  rake (~> 12.3, >= 12.3.1)
  rspec (~> 3.7)
  serrano (~> 0.5.0)
  sinatra (~> 2.0, >= 2.0.1)
  sinatra-contrib (~> 2.0, >= 2.0.1)

RUBY VERSION
   ruby 2.5.0p0

BUNDLED WITH
   1.16.1
